GEM
  remote: http://ruby.taobao.org/
  specs:
    addressable (2.2.7)
    childprocess (0.3.1)
      ffi (~> 1.0.6)
    chunky_png (1.2.5)
    compass (0.12.1)
      chunky_png (~> 1.2)
      fssm (>= 0.2.7)
      sass (~> 3.1)
    diff-lcs (1.1.3)
    ffi (1.0.11)
    fssm (0.2.8.1)
    interact (0.3)
    jasmine (1.1.2)
      jasmine-core (>= 1.1.0)
      rack (>= 1.1)
      rspec (>= 1.3.1)
      selenium-webdriver (>= 0.1.3)
    jasmine-core (1.1.0)
    json_pure (1.5.4)
      spruz (~> 0.2.8)
    mime-types (1.18)
    multi_json (1.1.0)
    rack (1.4.1)
    rack-protection (1.2.0)
      rack
    redis (2.2.2)
    rest-client (1.6.7)
      mime-types (>= 1.16)
    rspec (2.9.0)
      rspec-core (~> 2.9.0)
      rspec-expectations (~> 2.9.0)
      rspec-mocks (~> 2.9.0)
    rspec-core (2.9.0)
    rspec-expectations (2.9.0)
      diff-lcs (~> 1.1.3)
    rspec-mocks (2.9.0)
    rubyzip (0.9.6.1)
    rubyzip2 (2.0.2)
    sass (3.1.15)
    selenium-webdriver (2.20.0)
      childprocess (>= 0.2.5)
      ffi (~> 1.0)
      multi_json (~> 1.0)
      rubyzip
    shotgun (0.9)
      rack (>= 1.0)
    sinatra (1.3.2)
      rack (~> 1.3, >= 1.3.6)
      rack-protection (~> 1.2)
      tilt (~> 1.3, >= 1.3.3)
    spruz (0.2.13)
    terminal-table (1.4.5)
    tilt (1.3.3)
    vmc (0.3.15)
      addressable (~> 2.2.6)
      interact (~> 0.3.0)
      json_pure (~> 1.5.1)
      rest-client (>= 1.6.1, < 1.7.0)
      rubyzip2 (~> 2.0.1)
      terminal-table (~> 1.4.2)

PLATFORMS
  ruby

DEPENDENCIES
  compass
  jasmine
  redis
  shotgun
  sinatra
  vmc
